GEM
  remote: http://rubygems.org/
  specs:
    gli (2.5.4)
    haml (3.1.7)
    reveal-ck (0.1.0)
      gli
      haml

PLATFORMS
  ruby

DEPENDENCIES
  bundler
  reveal-ck
